GEM
  remote: http://rubygems.org/
  specs:
    gosu (0.10.8)

PLATFORMS
  ruby

DEPENDENCIES
  gosu (~> 0.10.8)

BUNDLED WITH
   1.13.6
